GEM
  remote: http://rubygems.org/
  specs:
    camping (2.1.523)
      mab
      rack (>= 1.0)
    mab (0.0.2)
    rack (1.4.1)

PLATFORMS
  ruby

DEPENDENCIES
  camping
